GEM
  remote: http://rubygems.org/
  specs:
    coderay (1.0.8)
    limelight (0.5.5-java)
    method_source (0.8.1)
    pry (0.9.10-java)
      coderay (~> 1.0.5)
      method_source (~> 0.8)
      slop (~> 3.3.1)
      spoon (~> 0.0)
    rspec (1.3.2)
    slop (3.3.3)
    spoon (0.0.1)

PLATFORMS
  java

DEPENDENCIES
  limelight (= 0.5.5)
  pry
  rspec (~> 1.2)
